GEM
  remote: http://rubygems.org/
  specs:
    ansi (1.2.5)
    fakeweb (1.3.0)
    git (1.2.5)
    jeweler (1.5.2)
      bundler (~> 1.0.0)
      git (>= 1.2.5)
      rake
    rake (0.8.7)
    redgreen (1.2.2)
    turn (0.8.2)
      ansi (>= 1.2.2)
    xml-simple (1.0.14)

PLATFORMS
  java
  ruby

DEPENDENCIES
  fakeweb
  jeweler
  redgreen
  turn
  xml-simple
